NUGET
  remote: https://www.nuget.org/api/v2
    FsCheck (2.5) - framework: >= net45
      FSharp.Core (>= 3.1.2.5)
    FSharp.Core (4.0.0.1)
    System.Reactive (3.0) - framework: >= net45
      System.Reactive.Core (>= 3.0)
      System.Reactive.Interfaces (>= 3.0)
      System.Reactive.Linq (>= 3.0)
      System.Reactive.PlatformServices (>= 3.0)
      System.Reactive.Windows.Threading (>= 3.0) - framework: >= net45, winv4.5.1, wpav8.1
    System.Reactive.Core (3.0) - framework: >= net45
      System.Reactive.Interfaces (>= 3.0)
    System.Reactive.Interfaces (3.0) - framework: >= net45
    System.Reactive.Linq (3.0) - framework: >= net45
      System.Reactive.Core (>= 3.0) - framework: net45, >= net46, netstandard10, >= netstandard13, portable-net45+win8+wp8+wpa81, portable-net45+win8+wpa81
      System.Reactive.Interfaces (>= 3.0) - framework: net45, >= net46, netstandard10, netstandard11, >= netstandard13, portable-net45+win8+wp8+wpa81, portable-net45+win8+wpa81
    System.Reactive.PlatformServices (3.0) - framework: >= net45
      System.Reactive.Core (>= 3.0)
      System.Reactive.Interfaces (>= 3.0)
    System.Reactive.Windows.Threading (3.0) - framework: >= net45
      System.Reactive.Core (>= 3.0)
