NUGET
  remote: https://www.nuget.org/api/v2
    FAKE (4.34.5)
    FsCheck (2.2.2) - framework: >= net45
      FSharp.Core (>= 3.1.2.5)
    FSharp.Core (3.1.2.5)
    Rx-Core (2.2.5) - framework: >= net45
      Rx-Interfaces (>= 2.2.5)
    Rx-Interfaces (2.2.5) - framework: >= net45
    Rx-Linq (2.2.5) - framework: >= net45
      Rx-Core (>= 2.2.5)
      Rx-Interfaces (>= 2.2.5)
    Rx-Main (2.2.5) - framework: >= net45
      Rx-Core (>= 2.2.5)
      Rx-Interfaces (>= 2.2.5)
      Rx-Linq (>= 2.2.5)
      Rx-PlatformServices (>= 2.2.5)
    Rx-PlatformServices (2.2.5) - framework: >= net45
      Rx-Core (>= 2.2.5)
      Rx-Interfaces (>= 2.2.5)
    SourceLink.Fake (1.1)
